GEM
  remote: http://rubygems.org/
  specs:
    iobuffer (1.0.0)
    rev (0.3.2)
      iobuffer (>= 0.1.3)
    ruby-fsevent (0.2.1)
    watchr (0.7)

PLATFORMS
  ruby

DEPENDENCIES
  rev
  ruby-fsevent
  watchr
